GEM
  remote: https://rubygems.org/
  specs:
    activesupport (5.2.0)
      concurrent-ruby (~> 1.0, >= 1.0.2)
      i18n (>= 0.7, < 2)
      minitest (~> 5.1)
      tzinfo (~> 1.1)
    axiom-types (0.1.1)
      descendants_tracker (~> 0.0.4)
      ice_nine (~> 0.11.0)
      thread_safe (~> 0.3, >= 0.3.1)
    builder (3.2.3)
    coercible (1.0.0)
      descendants_tracker (~> 0.0.1)
    concurrent-ruby (1.0.5)
    concurrent-ruby (1.0.5-java)
    descendants_tracker (0.0.4)
      thread_safe (~> 0.3, >= 0.3.1)
    equalizer (0.0.11)
    grape (1.0.3)
      activesupport
      builder
      mustermann-grape (~> 1.0.0)
      rack (>= 1.3.0)
      rack-accept
      virtus (>= 1.0.0)
    i18n (1.0.1)
      concurrent-ruby (~> 1.0)
    ice_nine (0.11.2)
    jruby-jars (9.2.0.0)
    jruby-rack (1.1.21)
    minitest (5.11.3)
    mustermann (1.0.2)
    mustermann-grape (1.0.0)
      mustermann (~> 1.0.0)
    net-ldap (0.16.1)
    puma (3.12.0)
    puma (3.12.0-java)
    rack (2.0.5)
    rack-accept (0.4.5)
      rack (>= 0.4)
    rake (12.3.1)
    rubyzip (1.2.1)
    stomp (1.4.4)
    thread_safe (0.3.6)
    thread_safe (0.3.6-java)
    tzinfo (1.2.5)
      thread_safe (~> 0.1)
    virtus (1.0.5)
      axiom-types (~> 0.1)
      coercible (~> 1.0)
      descendants_tracker (~> 0.0, >= 0.0.3)
      equalizer (~> 0.0, >= 0.0.9)
    warbler (2.0.5)
      jruby-jars (>= 9.0.0.0)
      jruby-rack (>= 1.1.1, < 1.3)
      rake (>= 10.1.0)
      rubyzip (~> 1.0, < 1.4)

PLATFORMS
  java
  ruby

DEPENDENCIES
  grape
  net-ldap
  puma
  rake
  stomp
  virtus
  warbler

RUBY VERSION
   ruby 2.2.2p0 (jruby 9.0.0.0)

BUNDLED WITH
   1.16.3
